GEM
  remote: https://rubygems.org/
  specs:
    git (1.2.9.1)
    os (0.9.6)
    thor (0.19.1)

PLATFORMS
  ruby

DEPENDENCIES
  git
  os
  thor

BUNDLED WITH
   1.10.6
